GEM
  remote: https://rubygems.org/
  specs:
    coderay (1.1.3)
    csv (3.2.6)
    method_source (1.0.0)
    pry (0.14.2)
      coderay (~> 1.1)
      method_source (~> 1.0)
    regexp_parser (2.7.0)
    rexml (3.2.5)
    rubyzip (2.3.2)
    selenium-webdriver (4.8.3)
      rexml (~> 3.2, >= 3.2.5)
      rubyzip (>= 1.2.2, < 3.0)
      websocket (~> 1.0)
    watir (7.2.2)
      regexp_parser (>= 1.2, < 3)
      selenium-webdriver (~> 4.2)
    websocket (1.2.9)

PLATFORMS
  x86_64-darwin-21

DEPENDENCIES
  csv (~> 3.2, >= 3.2.6)
  pry (~> 0.14.2)
  watir (~> 7.2, >= 7.2.2)

BUNDLED WITH
   2.4.1
